GEM
  remote: https://rubygems.org/
  specs:
    activesupport (4.2.1)
      i18n (~> 0.7)
      json (~> 1.7, >= 1.7.7)
      minitest (~> 5.1)
      thread_safe (~> 0.3, >= 0.3.4)
      tzinfo (~> 1.1)
    clockwork (1.2.0)
      activesupport
      tzinfo
    clockwork_database_events (0.2.0)
      activesupport (~> 4)
      sequel (~> 4)
    diplomat (0.12.0)
      faraday (~> 0.9)
      json (~> 1.8)
    faraday (0.9.1)
      multipart-post (>= 1.2, < 3)
    i18n (0.7.0)
    json (1.8.2)
    minitest (5.7.0)
    multipart-post (2.0.0)
    pg (0.18.2)
    sequel (4.22.0)
    sqlite3 (1.3.10)
    thread_safe (0.3.5)
    tzinfo (1.2.2)
      thread_safe (~> 0.1)

PLATFORMS
  ruby

DEPENDENCIES
  clockwork
  clockwork_database_events
  diplomat
  pg
  sqlite3
