GEM
  remote: https://rubygems.org/
  specs:
    activesupport (4.2.1)
      i18n (~> 0.7)
      json (~> 1.7, >= 1.7.7)
      minitest (~> 5.1)
      thread_safe (~> 0.3, >= 0.3.4)
      tzinfo (~> 1.1)
    airbrake (4.2.1)
      builder
      multi_json
    builder (3.2.2)
    clockwork (1.2.0)
      activesupport
      tzinfo
    clockwork_database_events (0.2.6)
      activesupport (~> 4)
      sequel (~> 4)
    diff-lcs (1.2.5)
    diplomat (0.12.0)
      faraday (~> 0.9)
      json (~> 1.8)
    faraday (0.9.1)
      multipart-post (>= 1.2, < 3)
    i18n (0.7.0)
    influxdb (0.1.8)
      json
    json (1.8.3)
    minitest (5.7.0)
    multi_json (1.11.0)
    multipart-post (2.0.0)
    pg (0.18.2)
    redis (3.2.1)
    rspec (3.2.0)
      rspec-core (~> 3.2.0)
      rspec-expectations (~> 3.2.0)
      rspec-mocks (~> 3.2.0)
    rspec-core (3.2.3)
      rspec-support (~> 3.2.0)
    rspec-expectations (3.2.1)
      diff-lcs (>= 1.2.0, < 2.0)
      rspec-support (~> 3.2.0)
    rspec-mocks (3.2.1)
      diff-lcs (>= 1.2.0, < 2.0)
      rspec-support (~> 3.2.0)
    rspec-support (3.2.2)
    sequel (4.23.0)
    skalera-services (0.1.0)
      airbrake (~> 4)
      diplomat (~> 0)
      influxdb (~> 0)
      pg (~> 0)
      redis (~> 3)
      sequel (~> 4)
    sqlite3 (1.3.10)
    thread_safe (0.3.5)
    tzinfo (1.2.2)
      thread_safe (~> 0.1)

PLATFORMS
  ruby

DEPENDENCIES
  clockwork
  clockwork_database_events
  rspec
  skalera-services
  sqlite3
